GEM
  remote: https://rubygems.org/
  specs:
    activemodel (3.2.18)
      activesupport (= 3.2.18)
      builder (~> 3.0.0)
    activesupport (3.2.18)
      i18n (~> 0.6, >= 0.6.4)
      multi_json (~> 1.0)
    addressable (2.3.6)
    args_parser (0.2.0)
    bson (1.10.1)
    bson_ext (1.10.1)
      bson (~> 1.10.1)
    buftok (0.2.0)
    builder (3.0.4)
    equalizer (0.0.9)
    event_emitter (0.2.5)
    faraday (0.9.0)
      multipart-post (>= 1.2, < 3)
    hashie (1.2.0)
    http (0.6.1)
      http_parser.rb (~> 0.6.0)
    http_parser.rb (0.6.0)
    hugeurl (0.0.8)
    i18n (0.6.9)
    json (1.8.1)
    launchy (2.4.2)
      addressable (~> 2.3)
    memoizable (0.4.2)
      thread_safe (~> 0.3, >= 0.3.1)
    mongoid (3.1.6)
      activemodel (~> 3.2)
      moped (~> 1.4)
      origin (~> 1.0)
      tzinfo (~> 0.3.29)
    moped (1.5.2)
    multi_json (1.10.1)
    multipart-post (2.0.0)
    naught (1.0.0)
    oauth (0.4.7)
    origin (1.1.0)
    parallel (1.0.0)
    rainbow (2.0.0)
    ruby-dbus (0.11.0)
    simple_oauth (0.2.0)
    slackbot (0.0.2)
      json (~> 1.4)
    thread_safe (0.3.4)
    tw (1.0.9)
      args_parser (>= 0.2.0)
      json (>= 1.7.0)
      launchy (>= 2.4.2)
      parallel (>= 0.9.1)
      rainbow (>= 2.0.0)
      twitter (>= 5.6.0)
      userstream (>= 1.2.0)
    twitter (5.9.0)
      addressable (~> 2.3)
      buftok (~> 0.2.0)
      equalizer (~> 0.0.9)
      faraday (~> 0.9.0)
      http (~> 0.6.0)
      http_parser.rb (~> 0.6.0)
      json (~> 1.8)
      memoizable (~> 0.4.0)
      naught (~> 1.0)
      simple_oauth (~> 0.2.0)
    tzinfo (0.3.39)
    userstream (1.4.0)
      hashie (~> 1.2.0)
      oauth (~> 0.4.7)
      yajl-ruby (~> 1.1.0)
    yajl-ruby (1.1.0)

PLATFORMS
  ruby

DEPENDENCIES
  args_parser
  bson_ext
  event_emitter
  hashie
  hugeurl
  mongoid
  ruby-dbus
  slackbot
  tw (>= 1.0.0)
