GEM
  remote: https://rubygems.org/
  specs:
    activemodel (3.2.13)
      activesupport (= 3.2.13)
      builder (~> 3.0.0)
    activesupport (3.2.13)
      i18n (= 0.6.1)
      multi_json (~> 1.0)
    args_parser (0.1.6)
    bson (1.9.1)
    bson_ext (1.9.1)
      bson (~> 1.9.1)
    builder (3.0.4)
    event_emitter (0.2.5)
    faraday (0.8.7)
      multipart-post (~> 1.1)
    hashie (1.2.0)
    hugeurl (0.0.8)
    i18n (0.6.1)
    json (1.8.0)
    mongoid (3.1.4)
      activemodel (~> 3.2)
      moped (~> 1.4)
      origin (~> 1.0)
      tzinfo (~> 0.3.22)
    moped (1.5.0)
    multi_json (1.7.7)
    multipart-post (1.2.0)
    oauth (0.4.7)
    origin (1.1.0)
    parallel (0.7.1)
    rainbow (1.1.4)
    ruby-dbus (0.9.2)
    simple_oauth (0.2.0)
    skype (0.2.5)
      tmp_cache
    tmp_cache (0.1.1)
    tw (0.4.4)
      args_parser (>= 0.1.4)
      json (>= 1.7.0)
      parallel (>= 0.6.0)
      rainbow (>= 1.1.4)
      twitter (>= 4.4.0)
      userstream (>= 1.2.0)
    twitter (4.8.1)
      faraday (~> 0.8, < 0.10)
      multi_json (~> 1.0)
      simple_oauth (~> 0.2)
    tzinfo (0.3.37)
    userstream (1.3.0)
      hashie (~> 1.2.0)
      oauth (~> 0.4.7)
      yajl-ruby (~> 1.1.0)
    yajl-ruby (1.1.0)

PLATFORMS
  ruby

DEPENDENCIES
  args_parser
  bson_ext
  event_emitter
  hashie
  hugeurl
  mongoid
  ruby-dbus
  skype
  tw (> 0.4)
